PATH
  remote: .
  specs:
    ebertech-snapshot (3.0.0)
      activesupport
      ebertech-commandline
      git

PATH
  remote: /Users/ame/Current/ebertech-commandline
  specs:
    ebertech-commandline (1.0.0)
      clamp
      escape
      highline
      progressbar
      thor

GEM
  remote: http://rubygems.org/
  specs:
    activesupport (3.2.1)
      i18n (~> 0.6)
      multi_json (~> 1.0)
    clamp (0.3.0)
    escape (0.0.4)
    git (1.2.5)
    highline (1.6.11)
    i18n (0.6.0)
    multi_json (1.0.4)
    progressbar (0.10.0)
    thor (0.14.6)

PLATFORMS
  ruby

DEPENDENCIES
  ebertech-commandline!
  ebertech-snapshot!
